PATH
  remote: .
  specs:
    td_omniture_client (0.0.4)
      httparty
      json
      logger

GEM
  remote: https://rubygems.org/
  specs:
    httparty (0.13.5)
      json (~> 1.8)
      multi_xml (>= 0.5.2)
    json (1.8.3)
    logger (1.2.8)
    multi_xml (0.5.5)
    rake (10.3.2)

PLATFORMS
  ruby

DEPENDENCIES
  bundler (~> 1.6)
  rake
  td_omniture_client!

BUNDLED WITH
   1.10.5
